GEM
  remote: https://rubygems.org/
  specs:
    childprocess (3.0.0)
    httpclient (2.8.3)
    mini_portile2 (2.4.0)
    nokogiri (1.10.10)
      mini_portile2 (~> 2.4.0)
    rubyzip (2.3.0)
    selenium-webdriver (3.142.7)
      childprocess (>= 0.5, < 4.0)
      rubyzip (>= 1.2.2)
    webdrivers (4.4.1)
      nokogiri (~> 1.6)
      rubyzip (>= 1.3.0)
      selenium-webdriver (>= 3.0, < 4.0)

PLATFORMS
  ruby

DEPENDENCIES
  httpclient
  selenium-webdriver
  webdrivers (~> 4.4, >= 4.4.1)

BUNDLED WITH
   2.1.4
